GEM
  remote: https://rubygems.org/
  specs:
    debug (1.10.0)
      irb (~> 1.10)
      reline (>= 0.3.8)
    io-console (0.7.1)
    irb (1.13.1)
      rdoc (>= 4.0.0)
      reline (>= 0.4.2)
    psych (5.1.2)
      stringio
    rdoc (6.6.3.1)
      psych (>= 4.0.0)
    reline (0.5.10)
      io-console (~> 0.5)
    stringio (3.1.1)

PLATFORMS
  x64-mingw-ucrt

DEPENDENCIES
  debug

BUNDLED WITH
   2.6.2
